PATH
  remote: .
  specs:
    OJXV (0.0.1)
      nokogiri

GEM
  remote: https://rubygems.org/
  specs:
    nokogiri (1.13.1-x86_64-darwin)
      racc (~> 1.4)
    racc (1.6.0)
    rake (13.0.6)

PLATFORMS
  ruby

DEPENDENCIES
  OJXV!
  rake (~> 13.0.6)

BUNDLED WITH
   2.3.4
