PATH
  remote: .
  specs:
    ojxv (0.0.2)
      nokogiri

GEM
  remote: https://rubygems.org/
  specs:
    mini_portile2 (2.7.1)
    nokogiri (1.13.1)
      mini_portile2 (~> 2.7.0)
      racc (~> 1.4)
    racc (1.6.0)
    rake (13.0.6)

PLATFORMS
  ruby

DEPENDENCIES
  ojxv!
  rake (~> 13.0.6)

BUNDLED WITH
   2.3.4
